GEM
  remote: https://rubygems.org/
  specs:
    builder (3.2.2)
    log4r (1.1.10)
    mini_portile (0.6.2)
    nokogiri (1.6.6.2)
      mini_portile (~> 0.6.0)
    polyglot (0.3.5)
    slaw (0.4.1)
      builder (~> 3.2.2)
      log4r (~> 1.1.10)
      nokogiri (~> 1.6.0)
      thor (~> 0.19.1)
      treetop (~> 1.5)
    thor (0.19.1)
    treetop (1.5.3)
      polyglot (~> 0.3)

PLATFORMS
  ruby

DEPENDENCIES
  slaw (~> 0.4)
